PATH
  remote: .
  specs:
    opsup (0.0.2)
      aws-sdk-opsworks (~> 1.0)

GEM
  remote: https://rubygems.org/
  specs:
    ast (2.4.0)
    aws-eventstream (1.0.3)
    aws-partitions (1.203.0)
    aws-sdk-core (3.63.0)
      aws-eventstream (~> 1.0, >= 1.0.2)
      aws-partitions (~> 1.0)
      aws-sigv4 (~> 1.1)
      jmespath (~> 1.0)
    aws-sdk-opsworks (1.19.0)
      aws-sdk-core (~> 3, >= 3.58.0)
      aws-sigv4 (~> 1.1)
    aws-sigv4 (1.1.0)
      aws-eventstream (~> 1.0, >= 1.0.2)
    jaro_winkler (1.5.3)
    jmespath (1.4.0)
    parallel (1.17.0)
    parser (2.6.3.0)
      ast (~> 2.4.0)
    rainbow (3.0.0)
    rubocop (0.72.0)
      jaro_winkler (~> 1.5.1)
      parallel (~> 1.10)
      parser (>= 2.6)
      rainbow (>= 2.2.2, < 4.0)
      ruby-progressbar (~> 1.7)
      unicode-display_width (>= 1.4.0, < 1.7)
    ruby-progressbar (1.10.1)
    sorbet (0.4.4683)
      sorbet-static (= 0.4.4683)
    sorbet-runtime (0.4.4683)
    sorbet-static (0.4.4683-universal-darwin-14)
    unicode-display_width (1.6.0)

PLATFORMS
  ruby

DEPENDENCIES
  opsup!
  rubocop (~> 0.71)
  sorbet (~> 0.4)
  sorbet-runtime (~> 0.4)

BUNDLED WITH
   2.0.1
